GIT
  remote: https://github.com/bkuhlmann/xdg
  revision: 9f3aa51e75d6aec4ec100752f5a2afdeecb4faed
  tag: 3.0.2
  specs:
    xdg (3.0.2)

GEM
  remote: https://rubygems.org/
  specs:
    commander-openflighthpc (2.2.0)
      highline (> 1.7.2)
      paint (~> 2.1.0)
      slop (~> 4.8)
    e2mmap (0.1.0)
    highline (2.0.3)
    paint (2.1.1)
    pastel (0.8.0)
      tty-color (~> 0.5)
    pidfile (0.3.0)
    slop (4.9.2)
    strings (0.2.1)
      strings-ansi (~> 0.2)
      unicode-display_width (>= 1.5, < 3.0)
      unicode_utils (~> 1.4)
    strings-ansi (0.2.0)
    thwait (0.2.0)
      e2mmap
    tty-color (0.6.0)
    tty-config (0.6.0)
    tty-cursor (0.7.1)
    tty-prompt (0.23.1)
      pastel (~> 0.8)
      tty-reader (~> 0.8)
    tty-reader (0.9.0)
      tty-cursor (~> 0.7)
      tty-screen (~> 0.8)
      wisper (~> 2.0)
    tty-screen (0.8.1)
    tty-table (0.12.0)
      pastel (~> 0.8)
      strings (~> 0.2.0)
      tty-screen (~> 0.8)
    unicode-display_width (2.3.0)
    unicode_utils (1.4.0)
    wisper (2.0.1)

PLATFORMS
  ruby

DEPENDENCIES
  commander-openflighthpc (~> 2.2.0)
  pidfile
  thwait
  tty-config
  tty-prompt
  tty-table
  xdg!

BUNDLED WITH
   2.1.4
