GEM
  remote: https://rubygems.org/
  specs:
    commander (4.4.7)
      highline (~> 2.0.0)
    equatable (0.6.1)
    highline (2.0.2)
    kramdown (1.16.2)
    macaddr (1.7.2)
      systemu (~> 2.6.5)
    pastel (0.7.3)
      equatable (~> 0.6)
      tty-color (~> 0.5)
    rouge (3.9.0)
    strings (0.1.6)
      strings-ansi (~> 0.1)
      unicode-display_width (~> 1.5)
      unicode_utils (~> 1.4)
    strings-ansi (0.1.0)
    systemu (2.6.5)
    tty-color (0.5.0)
    tty-markdown (0.6.0)
      kramdown (~> 1.16.2)
      pastel (~> 0.7.2)
      rouge (~> 3.3)
      strings (~> 0.1.4)
      tty-color (~> 0.4)
      tty-screen (~> 0.6)
    tty-screen (0.7.0)
    unicode-display_width (1.6.0)
    unicode_utils (1.4.0)

PLATFORMS
  ruby 

DEPENDENCIES
  commander
  macaddr
  tty-markdown

BUNDLED WITH
   2.0.2
